RESTRICTION: == net8.0
NUGET
  remote: https://api.nuget.org/v3/index.json
    AutoFixture (4.18.1)
      Fare (>= 2.1.1 < 3.0)
      System.ComponentModel.Annotations (>= 4.3)
    Be.Vlaanderen.Basisregisters.AspNetCore.Swagger (3.7.27)
      Microsoft.AspNetCore.Mvc.Versioning.ApiExplorer (>= 5.0)
      Microsoft.Extensions.FileProviders.Embedded (>= 5.0.6)
      Microsoft.Extensions.Localization.Abstractions (>= 5.0.6)
      Microsoft.OpenApi (>= 1.2.3)
      Newtonsoft.Json (>= 13.0.1)
      NJsonSchema (>= 10.4.4)
      NJsonSchema.CodeGeneration.CSharp (>= 10.4.4)
      NJsonSchema.CodeGeneration.TypeScript (>= 10.4.4)
      NSwag.CodeGeneration.CSharp (>= 13.11.1)
      NSwag.CodeGeneration.TypeScript (>= 13.11.1)
      Swashbuckle.AspNetCore (>= 6.1.4)
      Swashbuckle.AspNetCore.Annotations (>= 6.1.4)
      Swashbuckle.AspNetCore.Filters (>= 6.0.1)
      Swashbuckle.AspNetCore.Newtonsoft (>= 6.1.4)
    Be.Vlaanderen.Basisregisters.AspNetCore.Swagger.ReDoc (3.7.27)
      Be.Vlaanderen.Basisregisters.AspNetCore.Swagger (3.7.27)
      Microsoft.AspNetCore.Mvc.Versioning.ApiExplorer (>= 5.0)
      Microsoft.Extensions.FileProviders.Embedded (>= 5.0.6)
      Microsoft.Extensions.Localization.Abstractions (>= 5.0.6)
      Newtonsoft.Json (>= 13.0.1)
      NSwag.CodeGeneration.CSharp (>= 13.11.1)
      NSwag.CodeGeneration.TypeScript (>= 13.11.1)
      Swashbuckle.AspNetCore (>= 6.1.4)
    Be.Vlaanderen.Basisregisters.Build.Pipeline (7.2.6) - content: true
    coverlet.collector (6.0.2)
    Destructurama.JsonNet (3.0)
      Newtonsoft.Json (>= 13.0.3)
      Serilog (>= 3.1.1)
    Fare (2.2.1)
    FastExpressionCompiler (4.2)
    FluentAssertions (6.12)
      System.Configuration.ConfigurationManager (>= 4.4)
    FluentValidation (11.9.1)
    Fluid.Core (2.10)
      Microsoft.Extensions.FileProviders.Abstractions (>= 8.0)
      Parlot (>= 0.0.25)
      TimeZoneConverter (>= 6.1)
    Google.Protobuf (3.27)
    Grpc.Core.Api (2.63)
    Grpc.Net.Client (2.63)
      Grpc.Net.Common (>= 2.63)
      Microsoft.Extensions.Logging.Abstractions (>= 6.0)
    Grpc.Net.Common (2.63)
      Grpc.Core.Api (>= 2.63)
    Humanizer.Core (2.14.1)
    IdentityModel (7.0)
    IdentityModel.AspNetCore.OAuth2Introspection (6.2)
      IdentityModel (>= 6.0)
    JasperFx.CodeGeneration (3.5.3)
      FastExpressionCompiler (>= 4.1)
      JasperFx.Core (>= 1.5)
    JasperFx.Core (1.7)
      Microsoft.Extensions.DependencyInjection.Abstractions (>= 8.0)
    JasperFx.RuntimeCompiler (3.5.3)
      JasperFx.CodeGeneration (>= 3.5.3)
      Microsoft.CodeAnalysis (>= 4.8)
      Microsoft.CodeAnalysis.CSharp (>= 4.8)
      Microsoft.CodeAnalysis.Scripting (>= 4.8)
      Microsoft.Extensions.Logging.Abstractions (>= 6.0 < 9.0)
    Marten (7.18)
      JasperFx.CodeGeneration (>= 3.5.3)
      JasperFx.Core (>= 1.5.1)
      JasperFx.RuntimeCompiler (>= 3.5.3)
      Microsoft.Extensions.DependencyInjection.Abstractions (>= 8.0)
      Microsoft.Extensions.Hosting.Abstractions (>= 8.0)
      Microsoft.Extensions.Logging.Abstractions (>= 8.0)
      Newtonsoft.Json (>= 13.0.3)
      Npgsql.Json.NET (>= 8.0)
      OpenTelemetry.Api (>= 1.8)
      Polly.Core (>= 8.3.1)
      System.Text.Json (>= 8.0)
      System.Threading.Tasks.Dataflow (>= 8.0)
      Weasel.Postgresql (>= 7.4.1)
    Microsoft.AspNetCore.Authentication.JwtBearer (8.0.6)
      Microsoft.IdentityModel.Protocols.OpenIdConnect (>= 7.1.2)
    Microsoft.AspNetCore.JsonPatch (8.0.6)
      Microsoft.CSharp (>= 4.7)
      Newtonsoft.Json (>= 13.0.3)
    Microsoft.AspNetCore.Mvc.NewtonsoftJson (8.0.6)
      Microsoft.AspNetCore.JsonPatch (>= 8.0.6)
      Newtonsoft.Json (>= 13.0.3)
      Newtonsoft.Json.Bson (>= 1.0.2)
    Microsoft.AspNetCore.Mvc.Testing (8.0.6)
      Microsoft.AspNetCore.TestHost (>= 8.0.6)
      Microsoft.Extensions.DependencyModel (>= 8.0)
      Microsoft.Extensions.Hosting (>= 8.0)
    Microsoft.AspNetCore.Mvc.Versioning (5.1)
    Microsoft.AspNetCore.Mvc.Versioning.ApiExplorer (5.1)
      Microsoft.AspNetCore.Mvc.Versioning (>= 5.1)
    Microsoft.AspNetCore.TestHost (8.0.6)
      System.IO.Pipelines (>= 8.0)
    Microsoft.CodeAnalysis (4.9.2)
      Microsoft.CodeAnalysis.CSharp.Workspaces (4.9.2)
      Microsoft.CodeAnalysis.VisualBasic.Workspaces (4.9.2)
    Microsoft.CodeAnalysis.Analyzers (3.3.4)
    Microsoft.CodeAnalysis.Common (4.9.2)
      Microsoft.CodeAnalysis.Analyzers (>= 3.3.4)
      System.Collections.Immutable (>= 8.0)
      System.Reflection.Metadata (>= 8.0)
      System.Runtime.CompilerServices.Unsafe (>= 6.0)
    Microsoft.CodeAnalysis.CSharp (4.9.2)
      Microsoft.CodeAnalysis.Common (4.9.2)
    Microsoft.CodeAnalysis.CSharp.Scripting (4.9.2)
      Microsoft.CodeAnalysis.Common (4.9.2)
      Microsoft.CodeAnalysis.CSharp (4.9.2)
      Microsoft.CodeAnalysis.Scripting.Common (4.9.2)
      Microsoft.CSharp (>= 4.7)
    Microsoft.CodeAnalysis.CSharp.Workspaces (4.9.2)
      Humanizer.Core (>= 2.14.1)
      Microsoft.CodeAnalysis.Common (4.9.2)
      Microsoft.CodeAnalysis.CSharp (4.9.2)
      Microsoft.CodeAnalysis.Workspaces.Common (4.9.2)
    Microsoft.CodeAnalysis.Scripting (4.9.2)
      Microsoft.CodeAnalysis.CSharp.Scripting (4.9.2)
    Microsoft.CodeAnalysis.Scripting.Common (4.9.2)
      Microsoft.CodeAnalysis.Common (4.9.2)
    Microsoft.CodeAnalysis.VisualBasic (4.9.2)
      Microsoft.CodeAnalysis.Common (4.9.2)
    Microsoft.CodeAnalysis.VisualBasic.Workspaces (4.9.2)
      Microsoft.CodeAnalysis.Common (4.9.2)
      Microsoft.CodeAnalysis.VisualBasic (4.9.2)
      Microsoft.CodeAnalysis.Workspaces.Common (4.9.2)
    Microsoft.CodeAnalysis.Workspaces.Common (4.9.2)
      Humanizer.Core (>= 2.14.1)
      Microsoft.CodeAnalysis.Common (4.9.2)
      System.Composition (>= 8.0)
      System.IO.Pipelines (>= 8.0)
      System.Threading.Channels (>= 8.0)
    Microsoft.CodeCoverage (17.10)
    Microsoft.CSharp (4.7)
    Microsoft.Extensions.ApiDescription.Server (8.0.6)
    Microsoft.Extensions.Configuration (8.0)
      Microsoft.Extensions.Configuration.Abstractions (>= 8.0)
      Microsoft.Extensions.Primitives (>= 8.0)
    Microsoft.Extensions.Configuration.Abstractions (8.0)
      Microsoft.Extensions.Primitives (>= 8.0)
    Microsoft.Extensions.Configuration.Binder (8.0.1)
      Microsoft.Extensions.Configuration.Abstractions (>= 8.0)
    Microsoft.Extensions.Configuration.CommandLine (8.0)
      Microsoft.Extensions.Configuration (>= 8.0)
      Microsoft.Extensions.Configuration.Abstractions (>= 8.0)
    Microsoft.Extensions.Configuration.EnvironmentVariables (8.0)
      Microsoft.Extensions.Configuration (>= 8.0)
      Microsoft.Extensions.Configuration.Abstractions (>= 8.0)
    Microsoft.Extensions.Configuration.FileExtensions (8.0)
      Microsoft.Extensions.Configuration (>= 8.0)
      Microsoft.Extensions.Configuration.Abstractions (>= 8.0)
      Microsoft.Extensions.FileProviders.Abstractions (>= 8.0)
      Microsoft.Extensions.FileProviders.Physical (>= 8.0)
      Microsoft.Extensions.Primitives (>= 8.0)
    Microsoft.Extensions.Configuration.Json (8.0)
      Microsoft.Extensions.Configuration (>= 8.0)
      Microsoft.Extensions.Configuration.Abstractions (>= 8.0)
      Microsoft.Extensions.Configuration.FileExtensions (>= 8.0)
      Microsoft.Extensions.FileProviders.Abstractions (>= 8.0)
      System.Text.Json (>= 8.0)
    Microsoft.Extensions.Configuration.UserSecrets (8.0)
      Microsoft.Extensions.Configuration.Abstractions (>= 8.0)
      Microsoft.Extensions.Configuration.Json (>= 8.0)
      Microsoft.Extensions.FileProviders.Abstractions (>= 8.0)
      Microsoft.Extensions.FileProviders.Physical (>= 8.0)
    Microsoft.Extensions.DependencyInjection (8.0)
      Microsoft.Extensions.DependencyInjection.Abstractions (>= 8.0)
    Microsoft.Extensions.DependencyInjection.Abstractions (8.0.1)
    Microsoft.Extensions.DependencyModel (8.0)
      System.Text.Encodings.Web (>= 8.0)
      System.Text.Json (>= 8.0)
    Microsoft.Extensions.Diagnostics (8.0)
      Microsoft.Extensions.Configuration (>= 8.0)
      Microsoft.Extensions.Diagnostics.Abstractions (>= 8.0)
      Microsoft.Extensions.Options.ConfigurationExtensions (>= 8.0)
    Microsoft.Extensions.Diagnostics.Abstractions (8.0)
      Microsoft.Extensions.DependencyInjection.Abstractions (>= 8.0)
      Microsoft.Extensions.Options (>= 8.0)
      System.Diagnostics.DiagnosticSource (>= 8.0)
    Microsoft.Extensions.FileProviders.Abstractions (8.0)
      Microsoft.Extensions.Primitives (>= 8.0)
    Microsoft.Extensions.FileProviders.Embedded (8.0.6)
      Microsoft.Extensions.FileProviders.Abstractions (>= 8.0)
    Microsoft.Extensions.FileProviders.Physical (8.0)
      Microsoft.Extensions.FileProviders.Abstractions (>= 8.0)
      Microsoft.Extensions.FileSystemGlobbing (>= 8.0)
      Microsoft.Extensions.Primitives (>= 8.0)
    Microsoft.Extensions.FileSystemGlobbing (8.0)
    Microsoft.Extensions.Hosting (8.0)
      Microsoft.Extensions.Configuration (>= 8.0)
      Microsoft.Extensions.Configuration.Abstractions (>= 8.0)
      Microsoft.Extensions.Configuration.Binder (>= 8.0)
      Microsoft.Extensions.Configuration.CommandLine (>= 8.0)
      Microsoft.Extensions.Configuration.EnvironmentVariables (>= 8.0)
      Microsoft.Extensions.Configuration.FileExtensions (>= 8.0)
      Microsoft.Extensions.Configuration.Json (>= 8.0)
      Microsoft.Extensions.Configuration.UserSecrets (>= 8.0)
      Microsoft.Extensions.DependencyInjection (>= 8.0)
      Microsoft.Extensions.DependencyInjection.Abstractions (>= 8.0)
      Microsoft.Extensions.Diagnostics (>= 8.0)
      Microsoft.Extensions.FileProviders.Abstractions (>= 8.0)
      Microsoft.Extensions.FileProviders.Physical (>= 8.0)
      Microsoft.Extensions.Hosting.Abstractions (>= 8.0)
      Microsoft.Extensions.Logging (>= 8.0)
      Microsoft.Extensions.Logging.Abstractions (>= 8.0)
      Microsoft.Extensions.Logging.Configuration (>= 8.0)
      Microsoft.Extensions.Logging.Console (>= 8.0)
      Microsoft.Extensions.Logging.Debug (>= 8.0)
      Microsoft.Extensions.Logging.EventLog (>= 8.0)
      Microsoft.Extensions.Logging.EventSource (>= 8.0)
      Microsoft.Extensions.Options (>= 8.0)
    Microsoft.Extensions.Hosting.Abstractions (8.0)
      Microsoft.Extensions.Configuration.Abstractions (>= 8.0)
      Microsoft.Extensions.DependencyInjection.Abstractions (>= 8.0)
      Microsoft.Extensions.Diagnostics.Abstractions (>= 8.0)
      Microsoft.Extensions.FileProviders.Abstractions (>= 8.0)
      Microsoft.Extensions.Logging.Abstractions (>= 8.0)
    Microsoft.Extensions.Localization.Abstractions (8.0.6)
    Microsoft.Extensions.Logging (8.0)
      Microsoft.Extensions.DependencyInjection (>= 8.0)
      Microsoft.Extensions.Logging.Abstractions (>= 8.0)
      Microsoft.Extensions.Options (>= 8.0)
    Microsoft.Extensions.Logging.Abstractions (8.0.1)
      Microsoft.Extensions.DependencyInjection.Abstractions (>= 8.0.1)
    Microsoft.Extensions.Logging.Configuration (8.0)
      Microsoft.Extensions.Configuration (>= 8.0)
      Microsoft.Extensions.Configuration.Abstractions (>= 8.0)
      Microsoft.Extensions.Configuration.Binder (>= 8.0)
      Microsoft.Extensions.DependencyInjection.Abstractions (>= 8.0)
      Microsoft.Extensions.Logging (>= 8.0)
      Microsoft.Extensions.Logging.Abstractions (>= 8.0)
      Microsoft.Extensions.Options (>= 8.0)
      Microsoft.Extensions.Options.ConfigurationExtensions (>= 8.0)
    Microsoft.Extensions.Logging.Console (8.0)
      Microsoft.Extensions.DependencyInjection.Abstractions (>= 8.0)
      Microsoft.Extensions.Logging (>= 8.0)
      Microsoft.Extensions.Logging.Abstractions (>= 8.0)
      Microsoft.Extensions.Logging.Configuration (>= 8.0)
      Microsoft.Extensions.Options (>= 8.0)
      System.Text.Json (>= 8.0)
    Microsoft.Extensions.Logging.Debug (8.0)
      Microsoft.Extensions.DependencyInjection.Abstractions (>= 8.0)
      Microsoft.Extensions.Logging (>= 8.0)
      Microsoft.Extensions.Logging.Abstractions (>= 8.0)
    Microsoft.Extensions.Logging.EventLog (8.0)
      Microsoft.Extensions.DependencyInjection.Abstractions (>= 8.0)
      Microsoft.Extensions.Logging (>= 8.0)
      Microsoft.Extensions.Logging.Abstractions (>= 8.0)
      Microsoft.Extensions.Options (>= 8.0)
      System.Diagnostics.EventLog (>= 8.0)
    Microsoft.Extensions.Logging.EventSource (8.0)
      Microsoft.Extensions.DependencyInjection.Abstractions (>= 8.0)
      Microsoft.Extensions.Logging (>= 8.0)
      Microsoft.Extensions.Logging.Abstractions (>= 8.0)
      Microsoft.Extensions.Options (>= 8.0)
      Microsoft.Extensions.Primitives (>= 8.0)
      System.Text.Json (>= 8.0)
    Microsoft.Extensions.Options (8.0.2)
      Microsoft.Extensions.DependencyInjection.Abstractions (>= 8.0)
      Microsoft.Extensions.Primitives (>= 8.0)
    Microsoft.Extensions.Options.ConfigurationExtensions (8.0)
      Microsoft.Extensions.Configuration.Abstractions (>= 8.0)
      Microsoft.Extensions.Configuration.Binder (>= 8.0)
      Microsoft.Extensions.DependencyInjection.Abstractions (>= 8.0)
      Microsoft.Extensions.Options (>= 8.0)
      Microsoft.Extensions.Primitives (>= 8.0)
    Microsoft.Extensions.Primitives (8.0)
    Microsoft.IdentityModel.Abstractions (7.6)
    Microsoft.IdentityModel.JsonWebTokens (7.6)
      Microsoft.IdentityModel.Tokens (>= 7.6)
    Microsoft.IdentityModel.Logging (7.6)
      Microsoft.IdentityModel.Abstractions (>= 7.6)
    Microsoft.IdentityModel.Protocols (7.6)
      Microsoft.IdentityModel.Tokens (>= 7.6)
    Microsoft.IdentityModel.Protocols.OpenIdConnect (7.6)
      Microsoft.IdentityModel.Protocols (>= 7.6)
      System.IdentityModel.Tokens.Jwt (>= 7.6)
    Microsoft.IdentityModel.Tokens (7.6)
      Microsoft.IdentityModel.Logging (>= 7.6)
    Microsoft.NET.Test.Sdk (17.10)
      Microsoft.CodeCoverage (>= 17.10)
      Microsoft.TestPlatform.TestHost (>= 17.10)
    Microsoft.OpenApi (1.6.14)
    Microsoft.TestPlatform.ObjectModel (17.10)
      System.Reflection.Metadata (>= 1.6)
    Microsoft.TestPlatform.TestHost (17.10)
      Microsoft.TestPlatform.ObjectModel (>= 17.10)
      Newtonsoft.Json (>= 13.0.1)
    Namotion.Reflection (3.1.1)
      Microsoft.CSharp (>= 4.3)
    Newtonsoft.Json (13.0.3)
    Newtonsoft.Json.Bson (1.0.2)
      Newtonsoft.Json (>= 12.0.1)
    NJsonSchema (11.0)
      Namotion.Reflection (>= 3.1.1)
      Newtonsoft.Json (>= 13.0.3)
      NJsonSchema.Annotations (>= 11.0)
    NJsonSchema.Annotations (11.0)
    NJsonSchema.CodeGeneration (11.0)
      Fluid.Core (>= 2.5)
      NJsonSchema (>= 11.0)
    NJsonSchema.CodeGeneration.CSharp (11.0)
      NJsonSchema.CodeGeneration (>= 11.0)
    NJsonSchema.CodeGeneration.TypeScript (11.0)
      NJsonSchema.CodeGeneration (>= 11.0)
    NodaTime (3.1.11)
      System.Runtime.CompilerServices.Unsafe (>= 4.7.1)
    Npgsql (8.0.3)
      Microsoft.Extensions.Logging.Abstractions (>= 8.0)
    Npgsql.Json.NET (8.0.3)
      Newtonsoft.Json (>= 13.0.3)
      Npgsql (>= 8.0.3)
    Npgsql.OpenTelemetry (8.0.3)
      Npgsql (>= 8.0.3)
      OpenTelemetry.Api (>= 1.6)
    NSwag.CodeGeneration (14.0.7)
      NJsonSchema.CodeGeneration (>= 11.0)
      NSwag.Core (>= 14.0.7)
    NSwag.CodeGeneration.CSharp (14.0.7)
      NJsonSchema.CodeGeneration.CSharp (>= 11.0)
      NSwag.CodeGeneration (>= 14.0.7)
    NSwag.CodeGeneration.TypeScript (14.0.7)
      NJsonSchema.CodeGeneration.TypeScript (>= 11.0)
      NSwag.CodeGeneration (>= 14.0.7)
    NSwag.Core (14.0.7)
      NJsonSchema (>= 11.0)
    OpenTelemetry (1.9)
      Microsoft.Extensions.Diagnostics.Abstractions (>= 8.0)
      Microsoft.Extensions.Logging.Configuration (>= 8.0)
      OpenTelemetry.Api.ProviderBuilderExtensions (>= 1.9)
    OpenTelemetry.Api (1.9)
      System.Diagnostics.DiagnosticSource (>= 8.0)
    OpenTelemetry.Api.ProviderBuilderExtensions (1.9)
      Microsoft.Extensions.DependencyInjection.Abstractions (>= 8.0)
      OpenTelemetry.Api (>= 1.9)
    OpenTelemetry.Exporter.Console (1.8.1)
      OpenTelemetry (>= 1.8.1)
      System.Text.Encodings.Web (>= 4.7.2)
      System.Text.Json (>= 4.7.2)
    OpenTelemetry.Exporter.OpenTelemetryProtocol (1.9)
      Google.Protobuf (>= 3.22.5 < 4.0)
      Grpc.Net.Client (>= 2.52 < 3.0)
      Microsoft.Extensions.Configuration.Binder (>= 8.0.1)
      OpenTelemetry (>= 1.9)
    OpenTelemetry.Exporter.OpenTelemetryProtocol.Logs (1.5.0-rc.1)
      OpenTelemetry (>= 1.5.0-rc.1)
      OpenTelemetry.Exporter.OpenTelemetryProtocol (>= 1.5.0-rc.1)
    OpenTelemetry.Extensions.Hosting (1.8.1)
      Microsoft.Extensions.Hosting.Abstractions (>= 8.0)
      OpenTelemetry (>= 1.8.1)
    OpenTelemetry.Instrumentation.AspNetCore (1.8.1)
      OpenTelemetry.Api.ProviderBuilderExtensions (>= 1.8)
    OpenTelemetry.Instrumentation.Http (1.8.1)
      Microsoft.Extensions.Configuration (>= 8.0)
      Microsoft.Extensions.Options (>= 8.0)
      OpenTelemetry.Api.ProviderBuilderExtensions (>= 1.8)
    OpenTelemetry.Instrumentation.Runtime (1.8.1)
      OpenTelemetry.Api (>= 1.8.1 < 2.0)
    Parlot (0.0.28)
    Polly.Core (8.4)
    Scrutor (4.2.2)
      Microsoft.Extensions.DependencyInjection.Abstractions (>= 6.0)
      Microsoft.Extensions.DependencyModel (>= 6.0)
    Serilog (4.0)
    Serilog.Enrichers.Environment (2.3)
      Serilog (>= 2.3)
    Serilog.Enrichers.Thread (3.1)
      Serilog (>= 2.3)
    Serilog.Extensions.Logging (8.0)
      Microsoft.Extensions.Logging (>= 8.0)
      Serilog (>= 3.1.1)
    Serilog.Formatting.Compact (2.0)
      Serilog (>= 3.1)
    Serilog.Settings.Configuration (8.0)
      Microsoft.Extensions.Configuration.Binder (>= 8.0)
      Microsoft.Extensions.DependencyModel (>= 8.0)
      Serilog (>= 3.1.1)
    Serilog.Sinks.Console (5.0.1)
      Serilog (>= 3.1.1)
    Serilog.Sinks.File (5.0)
      Serilog (>= 2.10)
    Swashbuckle.AspNetCore (6.6.2)
      Microsoft.Extensions.ApiDescription.Server (>= 6.0.5)
      Swashbuckle.AspNetCore.Swagger (>= 6.6.2)
      Swashbuckle.AspNetCore.SwaggerGen (>= 6.6.2)
      Swashbuckle.AspNetCore.SwaggerUI (>= 6.6.2)
    Swashbuckle.AspNetCore.Annotations (6.6.2)
      Swashbuckle.AspNetCore.SwaggerGen (>= 6.6.2)
    Swashbuckle.AspNetCore.Filters (8.0.2)
      Microsoft.Extensions.DependencyInjection (>= 2.1)
      Microsoft.OpenApi (>= 1.3.1)
      Scrutor (>= 3.3)
      Swashbuckle.AspNetCore.Filters.Abstractions (>= 8.0.2)
      Swashbuckle.AspNetCore.SwaggerGen (>= 5.0)
    Swashbuckle.AspNetCore.Filters.Abstractions (8.0.2)
    Swashbuckle.AspNetCore.Newtonsoft (6.6.2)
      Microsoft.AspNetCore.Mvc.NewtonsoftJson (>= 8.0)
      Swashbuckle.AspNetCore.SwaggerGen (>= 6.6.2)
    Swashbuckle.AspNetCore.Swagger (6.6.2)
      Microsoft.OpenApi (>= 1.6.14)
    Swashbuckle.AspNetCore.SwaggerGen (6.6.2)
      Swashbuckle.AspNetCore.Swagger (>= 6.6.2)
    Swashbuckle.AspNetCore.SwaggerUI (6.6.2)
    System.Collections.Immutable (8.0)
    System.ComponentModel.Annotations (5.0)
    System.Composition (8.0)
      System.Composition.AttributedModel (>= 8.0)
      System.Composition.Convention (>= 8.0)
      System.Composition.Hosting (>= 8.0)
      System.Composition.Runtime (>= 8.0)
      System.Composition.TypedParts (>= 8.0)
    System.Composition.AttributedModel (8.0)
    System.Composition.Convention (8.0)
      System.Composition.AttributedModel (>= 8.0)
    System.Composition.Hosting (8.0)
      System.Composition.Runtime (>= 8.0)
    System.Composition.Runtime (8.0)
    System.Composition.TypedParts (8.0)
      System.Composition.AttributedModel (>= 8.0)
      System.Composition.Hosting (>= 8.0)
      System.Composition.Runtime (>= 8.0)
    System.Configuration.ConfigurationManager (8.0)
      System.Diagnostics.EventLog (>= 8.0)
      System.Security.Cryptography.ProtectedData (>= 8.0)
    System.Diagnostics.DiagnosticSource (8.0.1)
    System.Diagnostics.EventLog (8.0)
    System.IdentityModel.Tokens.Jwt (7.6)
      Microsoft.IdentityModel.JsonWebTokens (>= 7.6)
      Microsoft.IdentityModel.Tokens (>= 7.6)
    System.IO.Pipelines (8.0)
    System.Reflection.Metadata (8.0)
      System.Collections.Immutable (>= 8.0)
    System.Runtime.CompilerServices.Unsafe (6.0)
    System.Security.Cryptography.ProtectedData (8.0)
    System.Text.Encodings.Web (8.0)
    System.Text.Json (8.0.3)
      System.Text.Encodings.Web (>= 8.0)
    System.Threading.Channels (8.0)
    System.Threading.Tasks.Dataflow (8.0)
    TimeZoneConverter (6.1)
    Weasel.Core (7.4.1)
      JasperFx.Core (>= 1.5.1)
    Weasel.Postgresql (7.4.1)
      Npgsql (>= 8.0.3)
      Weasel.Core (>= 7.4.1)
    xunit (2.8.1)
      xunit.analyzers (>= 1.14)
      xunit.assert (>= 2.8.1)
      xunit.core (2.8.1)
    xunit.abstractions (2.0.3)
    xunit.analyzers (1.14)
    xunit.assert (2.8.1)
    xunit.core (2.8.1)
      xunit.extensibility.core (2.8.1)
      xunit.extensibility.execution (2.8.1)
    xunit.extensibility.core (2.8.1)
      xunit.abstractions (>= 2.0.3)
    xunit.extensibility.execution (2.8.1)
      xunit.extensibility.core (2.8.1)
    xunit.runner.visualstudio (2.8.1)
