RESTRICTION: == net6.0
NUGET
  remote: https://api.nuget.org/v3/index.json
    AutoFixture (4.18)
      Fare (>= 2.1.1 < 3.0)
      System.ComponentModel.Annotations (>= 4.3)
    Be.Vlaanderen.Basisregisters.Build.Pipeline (6.0.8) - content: true
      Fake.Core.Environment (>= 5.22)
      Fake.Core.Process (>= 5.22)
      Fake.Core.Target (>= 5.22)
      Fake.DotNet.AssemblyInfoFile (>= 5.22)
      Fake.DotNet.Cli (>= 5.22)
      Fake.DotNet.Paket (>= 5.22)
      Fake.IO.FileSystem (>= 5.22)
      Fake.JavaScript.Npm (>= 5.22)
      Newtonsoft.Json (>= 13.0.1)
    BlackFox.VsWhere (1.1) - content: true
      FSharp.Core (>= 4.2.3)
      Microsoft.Win32.Registry (>= 4.7)
    coverlet.collector (6.0)
    Destructurama.JsonNet (2.0)
      Newtonsoft.Json (>= 10.0.3)
      Serilog (>= 2.5)
    Fake.Core.CommandLineParsing (6.0) - content: true
      FParsec (>= 1.1.1)
      FSharp.Core (>= 6.0.3)
    Fake.Core.Context (6.0) - content: true
      FSharp.Core (>= 6.0.3)
    Fake.Core.Environment (6.0) - content: true
      FSharp.Core (>= 6.0.3)
    Fake.Core.FakeVar (6.0) - content: true
      Fake.Core.Context (>= 6.0)
      FSharp.Core (>= 6.0.3)
    Fake.Core.Process (6.0) - content: true
      Fake.Core.Environment (>= 6.0)
      Fake.Core.FakeVar (>= 6.0)
      Fake.Core.String (>= 6.0)
      Fake.Core.Trace (>= 6.0)
      Fake.IO.FileSystem (>= 6.0)
      FSharp.Core (>= 6.0.3)
      System.Collections.Immutable (>= 6.0)
    Fake.Core.SemVer (6.0) - content: true
      FSharp.Core (>= 6.0.3)
    Fake.Core.String (6.0) - content: true
      FSharp.Core (>= 6.0.3)
    Fake.Core.Target (6.0) - content: true
      Fake.Core.CommandLineParsing (>= 6.0)
      Fake.Core.Context (>= 6.0)
      Fake.Core.Environment (>= 6.0)
      Fake.Core.FakeVar (>= 6.0)
      Fake.Core.Process (>= 6.0)
      Fake.Core.String (>= 6.0)
      Fake.Core.Trace (>= 6.0)
      FSharp.Control.Reactive (>= 5.0.2)
      FSharp.Core (>= 6.0.3)
    Fake.Core.Tasks (6.0) - content: true
      Fake.Core.Trace (>= 6.0)
      FSharp.Core (>= 6.0.3)
    Fake.Core.Trace (6.0) - content: true
      Fake.Core.Environment (>= 6.0)
      Fake.Core.FakeVar (>= 6.0)
      FSharp.Core (>= 6.0.3)
    Fake.Core.Xml (6.0) - content: true
      Fake.Core.String (>= 6.0)
      FSharp.Core (>= 6.0.3)
    Fake.DotNet.AssemblyInfoFile (6.0) - content: true
      Fake.Core.Environment (>= 6.0)
      Fake.Core.String (>= 6.0)
      Fake.Core.Trace (>= 6.0)
      Fake.IO.FileSystem (>= 6.0)
      FSharp.Core (>= 6.0.3)
    Fake.DotNet.Cli (6.0) - content: true
      Fake.Core.Environment (>= 6.0)
      Fake.Core.Process (>= 6.0)
      Fake.Core.String (>= 6.0)
      Fake.Core.Trace (>= 6.0)
      Fake.DotNet.MSBuild (>= 6.0)
      Fake.DotNet.NuGet (>= 6.0)
      Fake.IO.FileSystem (>= 6.0)
      FSharp.Core (>= 6.0.3)
      Mono.Posix.NETStandard (>= 1.0)
      Newtonsoft.Json (>= 13.0.1)
    Fake.DotNet.MSBuild (6.0) - content: true
      BlackFox.VsWhere (>= 1.1)
      Fake.Core.Environment (>= 6.0)
      Fake.Core.Process (>= 6.0)
      Fake.Core.String (>= 6.0)
      Fake.Core.Trace (>= 6.0)
      Fake.IO.FileSystem (>= 6.0)
      FSharp.Core (>= 6.0.3)
      MSBuild.StructuredLogger (>= 2.1.545)
    Fake.DotNet.NuGet (6.0) - content: true
      Fake.Core.Environment (>= 6.0)
      Fake.Core.Process (>= 6.0)
      Fake.Core.SemVer (>= 6.0)
      Fake.Core.String (>= 6.0)
      Fake.Core.Tasks (>= 6.0)
      Fake.Core.Trace (>= 6.0)
      Fake.Core.Xml (>= 6.0)
      Fake.IO.FileSystem (>= 6.0)
      Fake.Net.Http (>= 6.0)
      FSharp.Core (>= 6.0.3)
      Newtonsoft.Json (>= 13.0.1)
      NuGet.Protocol (>= 6.0)
    Fake.DotNet.Paket (6.0) - content: true
      Fake.Core.Process (>= 6.0)
      Fake.Core.String (>= 6.0)
      Fake.Core.Trace (>= 6.0)
      Fake.DotNet.Cli (>= 6.0)
      Fake.IO.FileSystem (>= 6.0)
      FSharp.Core (>= 6.0.3)
    Fake.IO.FileSystem (6.0) - content: true
      Fake.Core.String (>= 6.0)
      Fake.Core.Trace (>= 6.0)
      FSharp.Core (>= 6.0.3)
    Fake.JavaScript.Npm (6.0) - content: true
      Fake.Core.Process (>= 6.0)
      Fake.Testing.Common (>= 6.0)
      FSharp.Core (>= 6.0.3)
    Fake.Net.Http (6.0) - content: true
      Fake.Core.Trace (>= 6.0)
      FSharp.Core (>= 6.0.3)
    Fake.Testing.Common (6.0) - content: true
      Fake.Core.Trace (>= 6.0)
      FSharp.Core (>= 6.0.3)
    Fare (2.2.1)
    FastExpressionCompiler (3.3.4)
    FluentAssertions (6.12)
      System.Configuration.ConfigurationManager (>= 4.4)
    FluentValidation (11.7.1)
    FParsec (1.1.1) - content: true
      FSharp.Core (>= 4.3.4)
    FSharp.Control.Reactive (5.0.5) - content: true
      FSharp.Core (>= 4.7.2)
      System.Reactive (>= 5.0 < 6.0)
    FSharp.Core (7.0.400) - content: true
    Google.Protobuf (3.24.4)
    Grpc.Core.Api (2.57)
    Grpc.Net.Client (2.57)
      Grpc.Net.Common (>= 2.57)
      Microsoft.Extensions.Logging.Abstractions (>= 6.0)
    Grpc.Net.Common (2.57)
      Grpc.Core.Api (>= 2.57)
    Humanizer.Core (2.14.1)
    IdentityModel (6.2)
    IdentityModel.AspNetCore.OAuth2Introspection (6.2)
      IdentityModel (>= 6.0)
    JasperFx.CodeGeneration (3.1.1)
      FastExpressionCompiler (>= 3.3.4)
      JasperFx.Core (>= 1.3)
    JasperFx.Core (1.4.3)
    JasperFx.RuntimeCompiler (3.1.1)
      JasperFx.CodeGeneration (>= 3.1.1)
      Microsoft.CodeAnalysis (>= 4.7)
      Microsoft.CodeAnalysis.CSharp (>= 4.7)
      Microsoft.CodeAnalysis.Scripting (>= 4.7)
      Microsoft.Extensions.Logging.Abstractions (>= 6.0 < 9.0)
    Marten (6.2)
      JasperFx.CodeGeneration (>= 3.0.2)
      JasperFx.Core (>= 1.4.2)
      JasperFx.RuntimeCompiler (>= 3.0.2)
      Microsoft.Extensions.DependencyInjection.Abstractions (>= 7.0)
      Microsoft.Extensions.Hosting.Abstractions (>= 7.0)
      Microsoft.Extensions.Logging.Abstractions (>= 7.0.1)
      Newtonsoft.Json (>= 13.0.3)
      Npgsql.Json.NET (>= 7.0.4)
      Remotion.Linq (>= 2.2)
      System.Text.Json (>= 7.0.3)
      System.Threading.Tasks.Dataflow (>= 7.0)
      Weasel.Postgresql (>= 6.1.1)
    Microsoft.AspNetCore.Authentication.JwtBearer (6.0.3)
      Microsoft.IdentityModel.Protocols.OpenIdConnect (>= 6.10)
    Microsoft.AspNetCore.JsonPatch (7.0.11)
      Microsoft.CSharp (>= 4.7)
      Newtonsoft.Json (>= 13.0.1)
    Microsoft.AspNetCore.Mvc.NewtonsoftJson (6.0.22)
      Microsoft.AspNetCore.JsonPatch (>= 6.0.22)
      Newtonsoft.Json (>= 13.0.1)
      Newtonsoft.Json.Bson (>= 1.0.2)
    Microsoft.AspNetCore.Mvc.Testing (6.0.3)
      Microsoft.AspNetCore.TestHost (>= 6.0.3)
      Microsoft.Extensions.DependencyModel (>= 6.0)
      Microsoft.Extensions.Hosting (>= 6.0.1)
    Microsoft.AspNetCore.Mvc.Versioning (5.1)
    Microsoft.AspNetCore.Mvc.Versioning.ApiExplorer (5.1)
      Microsoft.AspNetCore.Mvc.Versioning (>= 5.1)
    Microsoft.AspNetCore.TestHost (6.0.3)
      System.IO.Pipelines (>= 6.0.2)
    Microsoft.Bcl.AsyncInterfaces (7.0)
    Microsoft.Build.Framework (17.7.2) - content: true
      Microsoft.Win32.Registry (>= 5.0)
      System.Memory (>= 4.5.5)
      System.Runtime.CompilerServices.Unsafe (>= 6.0)
      System.Security.Permissions (>= 7.0)
      System.Security.Principal.Windows (>= 5.0)
    Microsoft.Build.Utilities.Core (17.7.2) - content: true
      Microsoft.Build.Framework (>= 17.7.2)
      Microsoft.NET.StringTools (>= 17.7.2)
      Microsoft.Win32.Registry (>= 5.0)
      System.Collections.Immutable (>= 7.0)
      System.Configuration.ConfigurationManager (>= 7.0)
      System.Memory (>= 4.5.5)
      System.Runtime.CompilerServices.Unsafe (>= 6.0)
      System.Security.Permissions (>= 7.0)
      System.Security.Principal.Windows (>= 5.0)
      System.Text.Encoding.CodePages (>= 7.0)
    Microsoft.CodeAnalysis (4.7)
      Microsoft.CodeAnalysis.CSharp.Workspaces (4.7)
      Microsoft.CodeAnalysis.VisualBasic.Workspaces (4.7)
    Microsoft.CodeAnalysis.Analyzers (3.3.4)
    Microsoft.CodeAnalysis.Common (4.7)
      Microsoft.CodeAnalysis.Analyzers (>= 3.3.4)
      System.Collections.Immutable (>= 7.0)
      System.Reflection.Metadata (>= 7.0)
      System.Runtime.CompilerServices.Unsafe (>= 6.0)
    Microsoft.CodeAnalysis.CSharp (4.7)
      Microsoft.CodeAnalysis.Common (4.7)
    Microsoft.CodeAnalysis.CSharp.Scripting (4.7)
      Microsoft.CodeAnalysis.Common (4.7)
      Microsoft.CodeAnalysis.CSharp (4.7)
      Microsoft.CodeAnalysis.Scripting.Common (4.7)
      Microsoft.CSharp (>= 4.7)
    Microsoft.CodeAnalysis.CSharp.Workspaces (4.7)
      Humanizer.Core (>= 2.14.1)
      Microsoft.CodeAnalysis.Common (4.7)
      Microsoft.CodeAnalysis.CSharp (4.7)
      Microsoft.CodeAnalysis.Workspaces.Common (4.7)
    Microsoft.CodeAnalysis.Scripting (4.7)
      Microsoft.CodeAnalysis.CSharp.Scripting (4.7)
    Microsoft.CodeAnalysis.Scripting.Common (4.7)
      Microsoft.CodeAnalysis.Common (4.7)
    Microsoft.CodeAnalysis.VisualBasic (4.7)
      Microsoft.CodeAnalysis.Common (4.7)
    Microsoft.CodeAnalysis.VisualBasic.Workspaces (4.7)
      Microsoft.CodeAnalysis.Common (4.7)
      Microsoft.CodeAnalysis.VisualBasic (4.7)
      Microsoft.CodeAnalysis.Workspaces.Common (4.7)
    Microsoft.CodeAnalysis.Workspaces.Common (4.7)
      Humanizer.Core (>= 2.14.1)
      Microsoft.Bcl.AsyncInterfaces (>= 7.0)
      Microsoft.CodeAnalysis.Common (4.7)
      System.Composition (>= 7.0)
      System.IO.Pipelines (>= 7.0)
      System.Threading.Channels (>= 7.0)
    Microsoft.CodeCoverage (17.7.2)
    Microsoft.CSharp (4.7)
    Microsoft.Extensions.ApiDescription.Server (7.0.11)
    Microsoft.Extensions.Configuration (7.0)
      Microsoft.Extensions.Configuration.Abstractions (>= 7.0)
      Microsoft.Extensions.Primitives (>= 7.0)
    Microsoft.Extensions.Configuration.Abstractions (7.0)
      Microsoft.Extensions.Primitives (>= 7.0)
    Microsoft.Extensions.Configuration.Binder (7.0.4)
      Microsoft.Extensions.Configuration.Abstractions (>= 7.0)
    Microsoft.Extensions.Configuration.CommandLine (7.0)
      Microsoft.Extensions.Configuration (>= 7.0)
      Microsoft.Extensions.Configuration.Abstractions (>= 7.0)
    Microsoft.Extensions.Configuration.EnvironmentVariables (7.0)
      Microsoft.Extensions.Configuration (>= 7.0)
      Microsoft.Extensions.Configuration.Abstractions (>= 7.0)
    Microsoft.Extensions.Configuration.FileExtensions (7.0)
      Microsoft.Extensions.Configuration (>= 7.0)
      Microsoft.Extensions.Configuration.Abstractions (>= 7.0)
      Microsoft.Extensions.FileProviders.Abstractions (>= 7.0)
      Microsoft.Extensions.FileProviders.Physical (>= 7.0)
      Microsoft.Extensions.Primitives (>= 7.0)
    Microsoft.Extensions.Configuration.Json (7.0)
      Microsoft.Extensions.Configuration (>= 7.0)
      Microsoft.Extensions.Configuration.Abstractions (>= 7.0)
      Microsoft.Extensions.Configuration.FileExtensions (>= 7.0)
      Microsoft.Extensions.FileProviders.Abstractions (>= 7.0)
      System.Text.Json (>= 7.0)
    Microsoft.Extensions.Configuration.UserSecrets (7.0)
      Microsoft.Extensions.Configuration.Abstractions (>= 7.0)
      Microsoft.Extensions.Configuration.Json (>= 7.0)
      Microsoft.Extensions.FileProviders.Abstractions (>= 7.0)
      Microsoft.Extensions.FileProviders.Physical (>= 7.0)
    Microsoft.Extensions.DependencyInjection (7.0)
      Microsoft.Extensions.DependencyInjection.Abstractions (>= 7.0)
    Microsoft.Extensions.DependencyInjection.Abstractions (7.0)
    Microsoft.Extensions.DependencyModel (7.0)
      System.Text.Encodings.Web (>= 7.0)
      System.Text.Json (>= 7.0)
    Microsoft.Extensions.FileProviders.Abstractions (7.0)
      Microsoft.Extensions.Primitives (>= 7.0)
    Microsoft.Extensions.FileProviders.Physical (7.0)
      Microsoft.Extensions.FileProviders.Abstractions (>= 7.0)
      Microsoft.Extensions.FileSystemGlobbing (>= 7.0)
      Microsoft.Extensions.Primitives (>= 7.0)
    Microsoft.Extensions.FileSystemGlobbing (7.0)
    Microsoft.Extensions.Hosting (7.0.1)
      Microsoft.Extensions.Configuration (>= 7.0)
      Microsoft.Extensions.Configuration.Abstractions (>= 7.0)
      Microsoft.Extensions.Configuration.Binder (>= 7.0.3)
      Microsoft.Extensions.Configuration.CommandLine (>= 7.0)
      Microsoft.Extensions.Configuration.EnvironmentVariables (>= 7.0)
      Microsoft.Extensions.Configuration.FileExtensions (>= 7.0)
      Microsoft.Extensions.Configuration.Json (>= 7.0)
      Microsoft.Extensions.Configuration.UserSecrets (>= 7.0)
      Microsoft.Extensions.DependencyInjection (>= 7.0)
      Microsoft.Extensions.DependencyInjection.Abstractions (>= 7.0)
      Microsoft.Extensions.FileProviders.Abstractions (>= 7.0)
      Microsoft.Extensions.FileProviders.Physical (>= 7.0)
      Microsoft.Extensions.Hosting.Abstractions (>= 7.0)
      Microsoft.Extensions.Logging (>= 7.0)
      Microsoft.Extensions.Logging.Abstractions (>= 7.0)
      Microsoft.Extensions.Logging.Configuration (>= 7.0)
      Microsoft.Extensions.Logging.Console (>= 7.0)
      Microsoft.Extensions.Logging.Debug (>= 7.0)
      Microsoft.Extensions.Logging.EventLog (>= 7.0)
      Microsoft.Extensions.Logging.EventSource (>= 7.0)
      Microsoft.Extensions.Options (>= 7.0.1)
      System.Diagnostics.DiagnosticSource (>= 7.0.1)
    Microsoft.Extensions.Hosting.Abstractions (7.0)
      Microsoft.Extensions.Configuration.Abstractions (>= 7.0)
      Microsoft.Extensions.DependencyInjection.Abstractions (>= 7.0)
      Microsoft.Extensions.FileProviders.Abstractions (>= 7.0)
    Microsoft.Extensions.Logging (7.0)
      Microsoft.Extensions.DependencyInjection (>= 7.0)
      Microsoft.Extensions.DependencyInjection.Abstractions (>= 7.0)
      Microsoft.Extensions.Logging.Abstractions (>= 7.0)
      Microsoft.Extensions.Options (>= 7.0)
    Microsoft.Extensions.Logging.Abstractions (7.0.1)
    Microsoft.Extensions.Logging.Configuration (7.0)
      Microsoft.Extensions.Configuration (>= 7.0)
      Microsoft.Extensions.Configuration.Abstractions (>= 7.0)
      Microsoft.Extensions.Configuration.Binder (>= 7.0)
      Microsoft.Extensions.DependencyInjection.Abstractions (>= 7.0)
      Microsoft.Extensions.Logging (>= 7.0)
      Microsoft.Extensions.Logging.Abstractions (>= 7.0)
      Microsoft.Extensions.Options (>= 7.0)
      Microsoft.Extensions.Options.ConfigurationExtensions (>= 7.0)
    Microsoft.Extensions.Logging.Console (7.0)
      Microsoft.Extensions.DependencyInjection.Abstractions (>= 7.0)
      Microsoft.Extensions.Logging (>= 7.0)
      Microsoft.Extensions.Logging.Abstractions (>= 7.0)
      Microsoft.Extensions.Logging.Configuration (>= 7.0)
      Microsoft.Extensions.Options (>= 7.0)
      System.Runtime.CompilerServices.Unsafe (>= 6.0)
      System.Text.Json (>= 7.0)
    Microsoft.Extensions.Logging.Debug (7.0)
      Microsoft.Extensions.DependencyInjection.Abstractions (>= 7.0)
      Microsoft.Extensions.Logging (>= 7.0)
      Microsoft.Extensions.Logging.Abstractions (>= 7.0)
    Microsoft.Extensions.Logging.EventLog (7.0)
      Microsoft.Extensions.DependencyInjection.Abstractions (>= 7.0)
      Microsoft.Extensions.Logging (>= 7.0)
      Microsoft.Extensions.Logging.Abstractions (>= 7.0)
      Microsoft.Extensions.Options (>= 7.0)
      System.Diagnostics.EventLog (>= 7.0)
    Microsoft.Extensions.Logging.EventSource (7.0)
      Microsoft.Extensions.DependencyInjection.Abstractions (>= 7.0)
      Microsoft.Extensions.Logging (>= 7.0)
      Microsoft.Extensions.Logging.Abstractions (>= 7.0)
      Microsoft.Extensions.Options (>= 7.0)
      Microsoft.Extensions.Primitives (>= 7.0)
      System.Runtime.CompilerServices.Unsafe (>= 6.0)
      System.Text.Json (>= 7.0)
    Microsoft.Extensions.Options (7.0.1)
      Microsoft.Extensions.DependencyInjection.Abstractions (>= 7.0)
      Microsoft.Extensions.Primitives (>= 7.0)
    Microsoft.Extensions.Options.ConfigurationExtensions (7.0)
      Microsoft.Extensions.Configuration.Abstractions (>= 7.0)
      Microsoft.Extensions.Configuration.Binder (>= 7.0)
      Microsoft.Extensions.DependencyInjection.Abstractions (>= 7.0)
      Microsoft.Extensions.Options (>= 7.0)
      Microsoft.Extensions.Primitives (>= 7.0)
    Microsoft.Extensions.Primitives (7.0)
      System.Runtime.CompilerServices.Unsafe (>= 6.0)
    Microsoft.IdentityModel.Abstractions (7.0.2)
    Microsoft.IdentityModel.JsonWebTokens (7.0.2)
      Microsoft.IdentityModel.Tokens (>= 7.0.2)
    Microsoft.IdentityModel.Logging (7.0.2)
      Microsoft.IdentityModel.Abstractions (>= 7.0.2)
    Microsoft.IdentityModel.Protocols (7.0.2)
      Microsoft.IdentityModel.Logging (>= 7.0.2)
      Microsoft.IdentityModel.Tokens (>= 7.0.2)
    Microsoft.IdentityModel.Protocols.OpenIdConnect (7.0.2)
      Microsoft.IdentityModel.Protocols (>= 7.0.2)
      System.IdentityModel.Tokens.Jwt (>= 7.0.2)
    Microsoft.IdentityModel.Tokens (7.0.2)
      Microsoft.IdentityModel.Logging (>= 7.0.2)
    Microsoft.NET.StringTools (17.7.2) - content: true
      System.Memory (>= 4.5.5)
      System.Runtime.CompilerServices.Unsafe (>= 6.0)
    Microsoft.NET.Test.Sdk (17.7.2)
      Microsoft.CodeCoverage (>= 17.7.2)
      Microsoft.TestPlatform.TestHost (>= 17.7.2)
    Microsoft.NETCore.Platforms (7.0.4)
    Microsoft.NETCore.Targets (5.0)
    Microsoft.OpenApi (1.6.9)
    Microsoft.TestPlatform.ObjectModel (17.7.2)
      NuGet.Frameworks (>= 6.5)
      System.Reflection.Metadata (>= 1.6)
    Microsoft.TestPlatform.TestHost (17.7.2)
      Microsoft.TestPlatform.ObjectModel (>= 17.7.2)
      Newtonsoft.Json (>= 13.0.1)
    Microsoft.Win32.Registry (5.0) - content: true
      System.Security.AccessControl (>= 5.0)
      System.Security.Principal.Windows (>= 5.0)
    Microsoft.Win32.SystemEvents (7.0)
    Mono.Posix.NETStandard (1.0) - content: true
    MSBuild.StructuredLogger (2.1.858) - content: true
      Microsoft.Build.Framework (>= 17.5)
      Microsoft.Build.Utilities.Core (>= 17.5)
    NETStandard.Library (2.0.3)
      Microsoft.NETCore.Platforms (>= 1.1)
    Newtonsoft.Json (13.0.3)
    Newtonsoft.Json.Bson (1.0.2)
      Newtonsoft.Json (>= 12.0.1)
    NodaTime (3.1.9)
      System.Runtime.CompilerServices.Unsafe (>= 4.7.1)
    Npgsql (7.0.6)
      Microsoft.Extensions.Logging.Abstractions (>= 6.0)
      System.Runtime.CompilerServices.Unsafe (>= 6.0)
    Npgsql.Json.NET (7.0.6)
      Newtonsoft.Json (>= 13.0.1)
      Npgsql (>= 7.0.6)
    Npgsql.OpenTelemetry (7.0.6)
      Npgsql (>= 7.0.6)
      OpenTelemetry.Api (>= 1.3.1)
    NuGet.Common (6.7) - content: true
      NuGet.Frameworks (>= 6.7)
    NuGet.Configuration (6.7) - content: true
      NuGet.Common (>= 6.7)
      System.Security.Cryptography.ProtectedData (>= 4.4)
    NuGet.Frameworks (6.7)
    NuGet.Packaging (6.7) - content: true
      Newtonsoft.Json (>= 13.0.1)
      NuGet.Configuration (>= 6.7)
      NuGet.Versioning (>= 6.7)
      System.Security.Cryptography.Pkcs (>= 6.0.4)
    NuGet.Protocol (6.7) - content: true
      NuGet.Packaging (>= 6.7)
    NuGet.Versioning (6.7) - content: true
    OpenTelemetry (1.6)
      Microsoft.Extensions.Logging.Configuration (>= 3.1)
      OpenTelemetry.Api.ProviderBuilderExtensions (>= 1.6)
    OpenTelemetry.Api (1.6)
      System.Diagnostics.DiagnosticSource (>= 7.0.2)
    OpenTelemetry.Api.ProviderBuilderExtensions (1.6)
      Microsoft.Extensions.DependencyInjection.Abstractions (>= 3.1)
      OpenTelemetry.Api (>= 1.6)
    OpenTelemetry.Exporter.Console (1.6)
      OpenTelemetry (>= 1.6)
      System.Text.Encodings.Web (>= 4.7.2)
      System.Text.Json (>= 4.7.2)
    OpenTelemetry.Exporter.OpenTelemetryProtocol (1.6)
      Google.Protobuf (>= 3.19.4 < 4.0)
      Grpc.Net.Client (>= 2.52 < 3.0)
      OpenTelemetry (>= 1.6)
    OpenTelemetry.Exporter.OpenTelemetryProtocol.Logs (1.5.0-rc.1)
      OpenTelemetry (>= 1.5.0-rc.1)
      OpenTelemetry.Exporter.OpenTelemetryProtocol (>= 1.5.0-rc.1)
    OpenTelemetry.Extensions.Hosting (1.6)
      Microsoft.Extensions.Hosting.Abstractions (>= 2.1)
      OpenTelemetry (>= 1.6)
    OpenTelemetry.Instrumentation.AspNetCore (1.5.1-beta.1)
      OpenTelemetry (>= 1.5.1)
    OpenTelemetry.Instrumentation.Http (1.5.1-beta.1)
      OpenTelemetry (>= 1.5.1)
    OpenTelemetry.Instrumentation.Runtime (1.5.1)
      OpenTelemetry.Api (>= 1.5.1 < 2.0)
    Remotion.Linq (2.2)
      System.Collections (>= 4.0.11)
      System.Diagnostics.Debug (>= 4.0.11)
      System.Linq (>= 4.1)
      System.Linq.Expressions (>= 4.1)
      System.Linq.Queryable (>= 4.0.1)
      System.ObjectModel (>= 4.0.12)
      System.Reflection (>= 4.1)
      System.Reflection.Extensions (>= 4.0.1)
      System.Runtime (>= 4.1)
      System.Runtime.Extensions (>= 4.1)
      System.Threading (>= 4.0.11)
    Serilog (3.0.1)
    Serilog.Enrichers.Environment (2.3)
      Serilog (>= 2.3)
    Serilog.Enrichers.Thread (3.1)
      Serilog (>= 2.3)
    Serilog.Extensions.Logging (7.0)
      Microsoft.Extensions.Logging (>= 7.0)
      Serilog (>= 2.12)
    Serilog.Formatting.Compact (1.1)
      Serilog (>= 2.8)
    Serilog.Settings.Configuration (7.0.1)
      Microsoft.Extensions.Configuration.Binder (>= 7.0)
      Microsoft.Extensions.DependencyModel (>= 7.0)
      Serilog (>= 2.12)
    Serilog.Sinks.Console (4.1)
      Serilog (>= 2.10)
    Serilog.Sinks.File (5.0)
      Serilog (>= 2.10)
    Swashbuckle.AspNetCore (6.5)
      Microsoft.Extensions.ApiDescription.Server (>= 6.0.5)
      Swashbuckle.AspNetCore.Swagger (>= 6.5)
      Swashbuckle.AspNetCore.SwaggerGen (>= 6.5)
      Swashbuckle.AspNetCore.SwaggerUI (>= 6.5)
    Swashbuckle.AspNetCore.Swagger (6.5)
      Microsoft.OpenApi (>= 1.2.3)
    Swashbuckle.AspNetCore.SwaggerGen (6.5)
      Swashbuckle.AspNetCore.Swagger (>= 6.5)
    Swashbuckle.AspNetCore.SwaggerUI (6.5)
    System.Collections (4.3)
      Microsoft.NETCore.Platforms (>= 1.1)
      Microsoft.NETCore.Targets (>= 1.1)
      System.Runtime (>= 4.3)
    System.Collections.Immutable (7.0) - content: true
      System.Runtime.CompilerServices.Unsafe (>= 6.0)
    System.ComponentModel.Annotations (5.0)
    System.Composition (7.0)
      System.Composition.AttributedModel (>= 7.0)
      System.Composition.Convention (>= 7.0)
      System.Composition.Hosting (>= 7.0)
      System.Composition.Runtime (>= 7.0)
      System.Composition.TypedParts (>= 7.0)
    System.Composition.AttributedModel (7.0)
    System.Composition.Convention (7.0)
      System.Composition.AttributedModel (>= 7.0)
    System.Composition.Hosting (7.0)
      System.Composition.Runtime (>= 7.0)
    System.Composition.Runtime (7.0)
    System.Composition.TypedParts (7.0)
      System.Composition.AttributedModel (>= 7.0)
      System.Composition.Hosting (>= 7.0)
      System.Composition.Runtime (>= 7.0)
    System.Configuration.ConfigurationManager (7.0)
      System.Security.Cryptography.ProtectedData (>= 7.0)
      System.Security.Permissions (>= 7.0)
    System.Diagnostics.Debug (4.3)
      Microsoft.NETCore.Platforms (>= 1.1)
      Microsoft.NETCore.Targets (>= 1.1)
      System.Runtime (>= 4.3)
    System.Diagnostics.DiagnosticSource (7.0.2)
      System.Runtime.CompilerServices.Unsafe (>= 6.0)
    System.Diagnostics.EventLog (7.0)
    System.Drawing.Common (7.0)
      Microsoft.Win32.SystemEvents (>= 7.0)
    System.Formats.Asn1 (7.0) - content: true
    System.Globalization (4.3)
      Microsoft.NETCore.Platforms (>= 1.1)
      Microsoft.NETCore.Targets (>= 1.1)
      System.Runtime (>= 4.3)
    System.IdentityModel.Tokens.Jwt (7.0.2)
      Microsoft.IdentityModel.JsonWebTokens (>= 7.0.2)
      Microsoft.IdentityModel.Tokens (>= 7.0.2)
    System.IO (4.3)
      Microsoft.NETCore.Platforms (>= 1.1)
      Microsoft.NETCore.Targets (>= 1.1)
      System.Runtime (>= 4.3)
      System.Text.Encoding (>= 4.3)
      System.Threading.Tasks (>= 4.3)
    System.IO.Pipelines (7.0)
    System.Linq (4.3)
      System.Collections (>= 4.3)
      System.Diagnostics.Debug (>= 4.3)
      System.Resources.ResourceManager (>= 4.3)
      System.Runtime (>= 4.3)
      System.Runtime.Extensions (>= 4.3)
    System.Linq.Expressions (4.3)
      System.Collections (>= 4.3)
      System.Diagnostics.Debug (>= 4.3)
      System.Globalization (>= 4.3)
      System.IO (>= 4.3)
      System.Linq (>= 4.3)
      System.ObjectModel (>= 4.3)
      System.Reflection (>= 4.3)
      System.Reflection.Emit (>= 4.3)
      System.Reflection.Emit.ILGeneration (>= 4.3)
      System.Reflection.Emit.Lightweight (>= 4.3)
      System.Reflection.Extensions (>= 4.3)
      System.Reflection.Primitives (>= 4.3)
      System.Reflection.TypeExtensions (>= 4.3)
      System.Resources.ResourceManager (>= 4.3)
      System.Runtime (>= 4.3)
      System.Runtime.Extensions (>= 4.3)
      System.Threading (>= 4.3)
    System.Linq.Queryable (4.3)
      System.Collections (>= 4.3)
      System.Diagnostics.Debug (>= 4.3)
      System.Linq (>= 4.3)
      System.Linq.Expressions (>= 4.3)
      System.Reflection (>= 4.3)
      System.Reflection.Extensions (>= 4.3)
      System.Resources.ResourceManager (>= 4.3)
      System.Runtime (>= 4.3)
    System.Memory (4.5.5) - content: true
    System.ObjectModel (4.3)
      System.Collections (>= 4.3)
      System.Diagnostics.Debug (>= 4.3)
      System.Resources.ResourceManager (>= 4.3)
      System.Runtime (>= 4.3)
      System.Threading (>= 4.3)
    System.Reactive (5.0) - content: true
    System.Reflection (4.3)
      Microsoft.NETCore.Platforms (>= 1.1)
      Microsoft.NETCore.Targets (>= 1.1)
      System.IO (>= 4.3)
      System.Reflection.Primitives (>= 4.3)
      System.Runtime (>= 4.3)
    System.Reflection.Emit (4.7)
    System.Reflection.Emit.ILGeneration (4.7)
    System.Reflection.Emit.Lightweight (4.7)
    System.Reflection.Extensions (4.3)
      Microsoft.NETCore.Platforms (>= 1.1)
      Microsoft.NETCore.Targets (>= 1.1)
      System.Reflection (>= 4.3)
      System.Runtime (>= 4.3)
    System.Reflection.Metadata (7.0.2)
      System.Collections.Immutable (>= 7.0)
    System.Reflection.Primitives (4.3)
      Microsoft.NETCore.Platforms (>= 1.1)
      Microsoft.NETCore.Targets (>= 1.1)
      System.Runtime (>= 4.3)
    System.Reflection.TypeExtensions (4.7)
    System.Resources.ResourceManager (4.3)
      Microsoft.NETCore.Platforms (>= 1.1)
      Microsoft.NETCore.Targets (>= 1.1)
      System.Globalization (>= 4.3)
      System.Reflection (>= 4.3)
      System.Runtime (>= 4.3)
    System.Runtime (4.3.1)
      Microsoft.NETCore.Platforms (>= 1.1.1)
      Microsoft.NETCore.Targets (>= 1.1.3)
    System.Runtime.CompilerServices.Unsafe (6.0)
    System.Runtime.Extensions (4.3.1)
      Microsoft.NETCore.Platforms (>= 1.1.1)
      Microsoft.NETCore.Targets (>= 1.1.3)
      System.Runtime (>= 4.3.1)
    System.Security.AccessControl (6.0) - content: true
    System.Security.Cryptography.Pkcs (7.0.3) - content: true
      System.Formats.Asn1 (>= 7.0)
    System.Security.Cryptography.ProtectedData (7.0.1)
    System.Security.Permissions (7.0)
      System.Windows.Extensions (>= 7.0)
    System.Security.Principal.Windows (5.0) - content: true
    System.Text.Encoding (4.3)
      Microsoft.NETCore.Platforms (>= 1.1)
      Microsoft.NETCore.Targets (>= 1.1)
      System.Runtime (>= 4.3)
    System.Text.Encoding.CodePages (7.0) - content: true
      System.Runtime.CompilerServices.Unsafe (>= 6.0)
    System.Text.Encodings.Web (7.0)
      System.Runtime.CompilerServices.Unsafe (>= 6.0)
    System.Text.Json (7.0.3)
      System.Runtime.CompilerServices.Unsafe (>= 6.0)
      System.Text.Encodings.Web (>= 7.0)
    System.Threading (4.3)
      System.Runtime (>= 4.3)
      System.Threading.Tasks (>= 4.3)
    System.Threading.Channels (7.0)
    System.Threading.Tasks (4.3)
      Microsoft.NETCore.Platforms (>= 1.1)
      Microsoft.NETCore.Targets (>= 1.1)
      System.Runtime (>= 4.3)
    System.Threading.Tasks.Dataflow (7.0)
    System.Windows.Extensions (7.0)
      System.Drawing.Common (>= 7.0)
    Weasel.Core (6.1.1)
      JasperFx.Core (>= 1.4.2)
    Weasel.Postgresql (6.1.1)
      Npgsql (>= 7.0.4)
      Weasel.Core (>= 6.1.1)
    xunit (2.5.1)
      xunit.analyzers (>= 1.3)
      xunit.assert (>= 2.5.1)
      xunit.core (2.5.1)
    xunit.abstractions (2.0.3)
    xunit.analyzers (1.3)
    xunit.assert (2.5.1)
      NETStandard.Library (>= 1.6.1)
    xunit.core (2.5.1)
      xunit.extensibility.core (2.5.1)
      xunit.extensibility.execution (2.5.1)
    xunit.extensibility.core (2.5.1)
      NETStandard.Library (>= 1.6.1)
      xunit.abstractions (>= 2.0.3)
    xunit.extensibility.execution (2.5.1)
      NETStandard.Library (>= 1.6.1)
      xunit.extensibility.core (2.5.1)
    xunit.runner.visualstudio (2.5.0)
