RESTRICTION: == net6.0
NUGET
  remote: https://api.nuget.org/v3/index.json
    AutoFixture (4.18)
      Fare (>= 2.1.1 < 3.0)
      System.ComponentModel.Annotations (>= 4.3)
    coverlet.collector (6.0)
    Fare (2.2.1)
    FastExpressionCompiler (3.3.4)
    FluentAssertions (6.12)
      System.Configuration.ConfigurationManager (>= 4.4)
    FluentValidation (11.7.1)
    Humanizer.Core (2.14.1)
    IdentityModel (6.2)
    IdentityModel.AspNetCore.OAuth2Introspection (6.2)
      IdentityModel (>= 6.0)
    JasperFx.CodeGeneration (3.1.1)
      FastExpressionCompiler (>= 3.3.4)
      JasperFx.Core (>= 1.3)
    JasperFx.Core (1.4.3)
    JasperFx.RuntimeCompiler (3.1.1)
      JasperFx.CodeGeneration (>= 3.1.1)
      Microsoft.CodeAnalysis (>= 4.7)
      Microsoft.CodeAnalysis.CSharp (>= 4.7)
      Microsoft.CodeAnalysis.Scripting (>= 4.7)
      Microsoft.Extensions.Logging.Abstractions (>= 6.0 < 9.0)
    Marten (6.2)
      JasperFx.CodeGeneration (>= 3.0.2)
      JasperFx.Core (>= 1.4.2)
      JasperFx.RuntimeCompiler (>= 3.0.2)
      Microsoft.Extensions.DependencyInjection.Abstractions (>= 7.0)
      Microsoft.Extensions.Hosting.Abstractions (>= 7.0)
      Microsoft.Extensions.Logging.Abstractions (>= 7.0.1)
      Newtonsoft.Json (>= 13.0.3)
      Npgsql.Json.NET (>= 7.0.4)
      Remotion.Linq (>= 2.2)
      System.Text.Json (>= 7.0.3)
      System.Threading.Tasks.Dataflow (>= 7.0)
      Weasel.Postgresql (>= 6.1.1)
    Microsoft.AspNetCore.Authentication.JwtBearer (6.0.3)
      Microsoft.IdentityModel.Protocols.OpenIdConnect (>= 6.10)
    Microsoft.AspNetCore.Mvc.Testing (6.0.3)
      Microsoft.AspNetCore.TestHost (>= 6.0.3)
      Microsoft.Extensions.DependencyModel (>= 6.0)
      Microsoft.Extensions.Hosting (>= 6.0.1)
    Microsoft.AspNetCore.TestHost (6.0.3)
      System.IO.Pipelines (>= 6.0.2)
    Microsoft.Bcl.AsyncInterfaces (7.0)
    Microsoft.CodeAnalysis (4.7)
      Microsoft.CodeAnalysis.CSharp.Workspaces (4.7)
      Microsoft.CodeAnalysis.VisualBasic.Workspaces (4.7)
    Microsoft.CodeAnalysis.Analyzers (3.3.4)
    Microsoft.CodeAnalysis.Common (4.7)
      Microsoft.CodeAnalysis.Analyzers (>= 3.3.4)
      System.Collections.Immutable (>= 7.0)
      System.Reflection.Metadata (>= 7.0)
      System.Runtime.CompilerServices.Unsafe (>= 6.0)
    Microsoft.CodeAnalysis.CSharp (4.7)
      Microsoft.CodeAnalysis.Common (4.7)
    Microsoft.CodeAnalysis.CSharp.Scripting (4.7)
      Microsoft.CodeAnalysis.Common (4.7)
      Microsoft.CodeAnalysis.CSharp (4.7)
      Microsoft.CodeAnalysis.Scripting.Common (4.7)
      Microsoft.CSharp (>= 4.7)
    Microsoft.CodeAnalysis.CSharp.Workspaces (4.7)
      Humanizer.Core (>= 2.14.1)
      Microsoft.CodeAnalysis.Common (4.7)
      Microsoft.CodeAnalysis.CSharp (4.7)
      Microsoft.CodeAnalysis.Workspaces.Common (4.7)
    Microsoft.CodeAnalysis.Scripting (4.7)
      Microsoft.CodeAnalysis.CSharp.Scripting (4.7)
    Microsoft.CodeAnalysis.Scripting.Common (4.7)
      Microsoft.CodeAnalysis.Common (4.7)
    Microsoft.CodeAnalysis.VisualBasic (4.7)
      Microsoft.CodeAnalysis.Common (4.7)
    Microsoft.CodeAnalysis.VisualBasic.Workspaces (4.7)
      Microsoft.CodeAnalysis.Common (4.7)
      Microsoft.CodeAnalysis.VisualBasic (4.7)
      Microsoft.CodeAnalysis.Workspaces.Common (4.7)
    Microsoft.CodeAnalysis.Workspaces.Common (4.7)
      Humanizer.Core (>= 2.14.1)
      Microsoft.Bcl.AsyncInterfaces (>= 7.0)
      Microsoft.CodeAnalysis.Common (4.7)
      System.Composition (>= 7.0)
      System.IO.Pipelines (>= 7.0)
      System.Threading.Channels (>= 7.0)
    Microsoft.CodeCoverage (17.7.2)
    Microsoft.CSharp (4.7)
    Microsoft.Extensions.ApiDescription.Server (7.0.11)
    Microsoft.Extensions.Configuration (7.0)
      Microsoft.Extensions.Configuration.Abstractions (>= 7.0)
      Microsoft.Extensions.Primitives (>= 7.0)
    Microsoft.Extensions.Configuration.Abstractions (7.0)
      Microsoft.Extensions.Primitives (>= 7.0)
    Microsoft.Extensions.Configuration.Binder (7.0.4)
      Microsoft.Extensions.Configuration.Abstractions (>= 7.0)
    Microsoft.Extensions.Configuration.CommandLine (7.0)
      Microsoft.Extensions.Configuration (>= 7.0)
      Microsoft.Extensions.Configuration.Abstractions (>= 7.0)
    Microsoft.Extensions.Configuration.EnvironmentVariables (7.0)
      Microsoft.Extensions.Configuration (>= 7.0)
      Microsoft.Extensions.Configuration.Abstractions (>= 7.0)
    Microsoft.Extensions.Configuration.FileExtensions (7.0)
      Microsoft.Extensions.Configuration (>= 7.0)
      Microsoft.Extensions.Configuration.Abstractions (>= 7.0)
      Microsoft.Extensions.FileProviders.Abstractions (>= 7.0)
      Microsoft.Extensions.FileProviders.Physical (>= 7.0)
      Microsoft.Extensions.Primitives (>= 7.0)
    Microsoft.Extensions.Configuration.Json (7.0)
      Microsoft.Extensions.Configuration (>= 7.0)
      Microsoft.Extensions.Configuration.Abstractions (>= 7.0)
      Microsoft.Extensions.Configuration.FileExtensions (>= 7.0)
      Microsoft.Extensions.FileProviders.Abstractions (>= 7.0)
      System.Text.Json (>= 7.0)
    Microsoft.Extensions.Configuration.UserSecrets (7.0)
      Microsoft.Extensions.Configuration.Abstractions (>= 7.0)
      Microsoft.Extensions.Configuration.Json (>= 7.0)
      Microsoft.Extensions.FileProviders.Abstractions (>= 7.0)
      Microsoft.Extensions.FileProviders.Physical (>= 7.0)
    Microsoft.Extensions.DependencyInjection (7.0)
      Microsoft.Extensions.DependencyInjection.Abstractions (>= 7.0)
    Microsoft.Extensions.DependencyInjection.Abstractions (7.0)
    Microsoft.Extensions.DependencyModel (7.0)
      System.Text.Encodings.Web (>= 7.0)
      System.Text.Json (>= 7.0)
    Microsoft.Extensions.FileProviders.Abstractions (7.0)
      Microsoft.Extensions.Primitives (>= 7.0)
    Microsoft.Extensions.FileProviders.Physical (7.0)
      Microsoft.Extensions.FileProviders.Abstractions (>= 7.0)
      Microsoft.Extensions.FileSystemGlobbing (>= 7.0)
      Microsoft.Extensions.Primitives (>= 7.0)
    Microsoft.Extensions.FileSystemGlobbing (7.0)
    Microsoft.Extensions.Hosting (7.0.1)
      Microsoft.Extensions.Configuration (>= 7.0)
      Microsoft.Extensions.Configuration.Abstractions (>= 7.0)
      Microsoft.Extensions.Configuration.Binder (>= 7.0.3)
      Microsoft.Extensions.Configuration.CommandLine (>= 7.0)
      Microsoft.Extensions.Configuration.EnvironmentVariables (>= 7.0)
      Microsoft.Extensions.Configuration.FileExtensions (>= 7.0)
      Microsoft.Extensions.Configuration.Json (>= 7.0)
      Microsoft.Extensions.Configuration.UserSecrets (>= 7.0)
      Microsoft.Extensions.DependencyInjection (>= 7.0)
      Microsoft.Extensions.DependencyInjection.Abstractions (>= 7.0)
      Microsoft.Extensions.FileProviders.Abstractions (>= 7.0)
      Microsoft.Extensions.FileProviders.Physical (>= 7.0)
      Microsoft.Extensions.Hosting.Abstractions (>= 7.0)
      Microsoft.Extensions.Logging (>= 7.0)
      Microsoft.Extensions.Logging.Abstractions (>= 7.0)
      Microsoft.Extensions.Logging.Configuration (>= 7.0)
      Microsoft.Extensions.Logging.Console (>= 7.0)
      Microsoft.Extensions.Logging.Debug (>= 7.0)
      Microsoft.Extensions.Logging.EventLog (>= 7.0)
      Microsoft.Extensions.Logging.EventSource (>= 7.0)
      Microsoft.Extensions.Options (>= 7.0.1)
      System.Diagnostics.DiagnosticSource (>= 7.0.1)
    Microsoft.Extensions.Hosting.Abstractions (7.0)
      Microsoft.Extensions.Configuration.Abstractions (>= 7.0)
      Microsoft.Extensions.DependencyInjection.Abstractions (>= 7.0)
      Microsoft.Extensions.FileProviders.Abstractions (>= 7.0)
    Microsoft.Extensions.Logging (7.0)
      Microsoft.Extensions.DependencyInjection (>= 7.0)
      Microsoft.Extensions.DependencyInjection.Abstractions (>= 7.0)
      Microsoft.Extensions.Logging.Abstractions (>= 7.0)
      Microsoft.Extensions.Options (>= 7.0)
    Microsoft.Extensions.Logging.Abstractions (7.0.1)
    Microsoft.Extensions.Logging.Configuration (7.0)
      Microsoft.Extensions.Configuration (>= 7.0)
      Microsoft.Extensions.Configuration.Abstractions (>= 7.0)
      Microsoft.Extensions.Configuration.Binder (>= 7.0)
      Microsoft.Extensions.DependencyInjection.Abstractions (>= 7.0)
      Microsoft.Extensions.Logging (>= 7.0)
      Microsoft.Extensions.Logging.Abstractions (>= 7.0)
      Microsoft.Extensions.Options (>= 7.0)
      Microsoft.Extensions.Options.ConfigurationExtensions (>= 7.0)
    Microsoft.Extensions.Logging.Console (7.0)
      Microsoft.Extensions.DependencyInjection.Abstractions (>= 7.0)
      Microsoft.Extensions.Logging (>= 7.0)
      Microsoft.Extensions.Logging.Abstractions (>= 7.0)
      Microsoft.Extensions.Logging.Configuration (>= 7.0)
      Microsoft.Extensions.Options (>= 7.0)
      System.Runtime.CompilerServices.Unsafe (>= 6.0)
      System.Text.Json (>= 7.0)
    Microsoft.Extensions.Logging.Debug (7.0)
      Microsoft.Extensions.DependencyInjection.Abstractions (>= 7.0)
      Microsoft.Extensions.Logging (>= 7.0)
      Microsoft.Extensions.Logging.Abstractions (>= 7.0)
    Microsoft.Extensions.Logging.EventLog (7.0)
      Microsoft.Extensions.DependencyInjection.Abstractions (>= 7.0)
      Microsoft.Extensions.Logging (>= 7.0)
      Microsoft.Extensions.Logging.Abstractions (>= 7.0)
      Microsoft.Extensions.Options (>= 7.0)
      System.Diagnostics.EventLog (>= 7.0)
    Microsoft.Extensions.Logging.EventSource (7.0)
      Microsoft.Extensions.DependencyInjection.Abstractions (>= 7.0)
      Microsoft.Extensions.Logging (>= 7.0)
      Microsoft.Extensions.Logging.Abstractions (>= 7.0)
      Microsoft.Extensions.Options (>= 7.0)
      Microsoft.Extensions.Primitives (>= 7.0)
      System.Runtime.CompilerServices.Unsafe (>= 6.0)
      System.Text.Json (>= 7.0)
    Microsoft.Extensions.Options (7.0.1)
      Microsoft.Extensions.DependencyInjection.Abstractions (>= 7.0)
      Microsoft.Extensions.Primitives (>= 7.0)
    Microsoft.Extensions.Options.ConfigurationExtensions (7.0)
      Microsoft.Extensions.Configuration.Abstractions (>= 7.0)
      Microsoft.Extensions.Configuration.Binder (>= 7.0)
      Microsoft.Extensions.DependencyInjection.Abstractions (>= 7.0)
      Microsoft.Extensions.Options (>= 7.0)
      Microsoft.Extensions.Primitives (>= 7.0)
    Microsoft.Extensions.Primitives (7.0)
      System.Runtime.CompilerServices.Unsafe (>= 6.0)
    Microsoft.IdentityModel.Abstractions (7.0.2)
    Microsoft.IdentityModel.JsonWebTokens (7.0.2)
      Microsoft.IdentityModel.Tokens (>= 7.0.2)
    Microsoft.IdentityModel.Logging (7.0.2)
      Microsoft.IdentityModel.Abstractions (>= 7.0.2)
    Microsoft.IdentityModel.Protocols (7.0.2)
      Microsoft.IdentityModel.Logging (>= 7.0.2)
      Microsoft.IdentityModel.Tokens (>= 7.0.2)
    Microsoft.IdentityModel.Protocols.OpenIdConnect (7.0.2)
      Microsoft.IdentityModel.Protocols (>= 7.0.2)
      System.IdentityModel.Tokens.Jwt (>= 7.0.2)
    Microsoft.IdentityModel.Tokens (7.0.2)
      Microsoft.IdentityModel.Logging (>= 7.0.2)
    Microsoft.NET.Test.Sdk (17.7.2)
      Microsoft.CodeCoverage (>= 17.7.2)
      Microsoft.TestPlatform.TestHost (>= 17.7.2)
    Microsoft.NETCore.Platforms (7.0.4)
    Microsoft.NETCore.Targets (5.0)
    Microsoft.OpenApi (1.6.9)
    Microsoft.TestPlatform.ObjectModel (17.7.2)
      NuGet.Frameworks (>= 6.5)
      System.Reflection.Metadata (>= 1.6)
    Microsoft.TestPlatform.TestHost (17.7.2)
      Microsoft.TestPlatform.ObjectModel (>= 17.7.2)
      Newtonsoft.Json (>= 13.0.1)
    Microsoft.Win32.SystemEvents (7.0)
    NETStandard.Library (2.0.3)
      Microsoft.NETCore.Platforms (>= 1.1)
    Newtonsoft.Json (13.0.3)
    NodaTime (3.1.9)
      System.Runtime.CompilerServices.Unsafe (>= 4.7.1)
    Npgsql (7.0.6)
      Microsoft.Extensions.Logging.Abstractions (>= 6.0)
      System.Runtime.CompilerServices.Unsafe (>= 6.0)
    Npgsql.Json.NET (7.0.6)
      Newtonsoft.Json (>= 13.0.1)
      Npgsql (>= 7.0.6)
    NuGet.Frameworks (6.7)
    Remotion.Linq (2.2)
      System.Collections (>= 4.0.11)
      System.Diagnostics.Debug (>= 4.0.11)
      System.Linq (>= 4.1)
      System.Linq.Expressions (>= 4.1)
      System.Linq.Queryable (>= 4.0.1)
      System.ObjectModel (>= 4.0.12)
      System.Reflection (>= 4.1)
      System.Reflection.Extensions (>= 4.0.1)
      System.Runtime (>= 4.1)
      System.Runtime.Extensions (>= 4.1)
      System.Threading (>= 4.0.11)
    Swashbuckle.AspNetCore (6.5)
      Microsoft.Extensions.ApiDescription.Server (>= 6.0.5)
      Swashbuckle.AspNetCore.Swagger (>= 6.5)
      Swashbuckle.AspNetCore.SwaggerGen (>= 6.5)
      Swashbuckle.AspNetCore.SwaggerUI (>= 6.5)
    Swashbuckle.AspNetCore.Swagger (6.5)
      Microsoft.OpenApi (>= 1.2.3)
    Swashbuckle.AspNetCore.SwaggerGen (6.5)
      Swashbuckle.AspNetCore.Swagger (>= 6.5)
    Swashbuckle.AspNetCore.SwaggerUI (6.5)
    System.Collections (4.3)
      Microsoft.NETCore.Platforms (>= 1.1)
      Microsoft.NETCore.Targets (>= 1.1)
      System.Runtime (>= 4.3)
    System.Collections.Immutable (7.0)
      System.Runtime.CompilerServices.Unsafe (>= 6.0)
    System.ComponentModel.Annotations (5.0)
    System.Composition (7.0)
      System.Composition.AttributedModel (>= 7.0)
      System.Composition.Convention (>= 7.0)
      System.Composition.Hosting (>= 7.0)
      System.Composition.Runtime (>= 7.0)
      System.Composition.TypedParts (>= 7.0)
    System.Composition.AttributedModel (7.0)
    System.Composition.Convention (7.0)
      System.Composition.AttributedModel (>= 7.0)
    System.Composition.Hosting (7.0)
      System.Composition.Runtime (>= 7.0)
    System.Composition.Runtime (7.0)
    System.Composition.TypedParts (7.0)
      System.Composition.AttributedModel (>= 7.0)
      System.Composition.Hosting (>= 7.0)
      System.Composition.Runtime (>= 7.0)
    System.Configuration.ConfigurationManager (7.0)
      System.Security.Cryptography.ProtectedData (>= 7.0)
      System.Security.Permissions (>= 7.0)
    System.Diagnostics.Debug (4.3)
      Microsoft.NETCore.Platforms (>= 1.1)
      Microsoft.NETCore.Targets (>= 1.1)
      System.Runtime (>= 4.3)
    System.Diagnostics.DiagnosticSource (7.0.2)
      System.Runtime.CompilerServices.Unsafe (>= 6.0)
    System.Diagnostics.EventLog (7.0)
    System.Drawing.Common (7.0)
      Microsoft.Win32.SystemEvents (>= 7.0)
    System.Globalization (4.3)
      Microsoft.NETCore.Platforms (>= 1.1)
      Microsoft.NETCore.Targets (>= 1.1)
      System.Runtime (>= 4.3)
    System.IdentityModel.Tokens.Jwt (7.0.2)
      Microsoft.IdentityModel.JsonWebTokens (>= 7.0.2)
      Microsoft.IdentityModel.Tokens (>= 7.0.2)
    System.IO (4.3)
      Microsoft.NETCore.Platforms (>= 1.1)
      Microsoft.NETCore.Targets (>= 1.1)
      System.Runtime (>= 4.3)
      System.Text.Encoding (>= 4.3)
      System.Threading.Tasks (>= 4.3)
    System.IO.Pipelines (7.0)
    System.Linq (4.3)
      System.Collections (>= 4.3)
      System.Diagnostics.Debug (>= 4.3)
      System.Resources.ResourceManager (>= 4.3)
      System.Runtime (>= 4.3)
      System.Runtime.Extensions (>= 4.3)
    System.Linq.Expressions (4.3)
      System.Collections (>= 4.3)
      System.Diagnostics.Debug (>= 4.3)
      System.Globalization (>= 4.3)
      System.IO (>= 4.3)
      System.Linq (>= 4.3)
      System.ObjectModel (>= 4.3)
      System.Reflection (>= 4.3)
      System.Reflection.Emit (>= 4.3)
      System.Reflection.Emit.ILGeneration (>= 4.3)
      System.Reflection.Emit.Lightweight (>= 4.3)
      System.Reflection.Extensions (>= 4.3)
      System.Reflection.Primitives (>= 4.3)
      System.Reflection.TypeExtensions (>= 4.3)
      System.Resources.ResourceManager (>= 4.3)
      System.Runtime (>= 4.3)
      System.Runtime.Extensions (>= 4.3)
      System.Threading (>= 4.3)
    System.Linq.Queryable (4.3)
      System.Collections (>= 4.3)
      System.Diagnostics.Debug (>= 4.3)
      System.Linq (>= 4.3)
      System.Linq.Expressions (>= 4.3)
      System.Reflection (>= 4.3)
      System.Reflection.Extensions (>= 4.3)
      System.Resources.ResourceManager (>= 4.3)
      System.Runtime (>= 4.3)
    System.ObjectModel (4.3)
      System.Collections (>= 4.3)
      System.Diagnostics.Debug (>= 4.3)
      System.Resources.ResourceManager (>= 4.3)
      System.Runtime (>= 4.3)
      System.Threading (>= 4.3)
    System.Reflection (4.3)
      Microsoft.NETCore.Platforms (>= 1.1)
      Microsoft.NETCore.Targets (>= 1.1)
      System.IO (>= 4.3)
      System.Reflection.Primitives (>= 4.3)
      System.Runtime (>= 4.3)
    System.Reflection.Emit (4.7)
    System.Reflection.Emit.ILGeneration (4.7)
    System.Reflection.Emit.Lightweight (4.7)
    System.Reflection.Extensions (4.3)
      Microsoft.NETCore.Platforms (>= 1.1)
      Microsoft.NETCore.Targets (>= 1.1)
      System.Reflection (>= 4.3)
      System.Runtime (>= 4.3)
    System.Reflection.Metadata (7.0.2)
      System.Collections.Immutable (>= 7.0)
    System.Reflection.Primitives (4.3)
      Microsoft.NETCore.Platforms (>= 1.1)
      Microsoft.NETCore.Targets (>= 1.1)
      System.Runtime (>= 4.3)
    System.Reflection.TypeExtensions (4.7)
    System.Resources.ResourceManager (4.3)
      Microsoft.NETCore.Platforms (>= 1.1)
      Microsoft.NETCore.Targets (>= 1.1)
      System.Globalization (>= 4.3)
      System.Reflection (>= 4.3)
      System.Runtime (>= 4.3)
    System.Runtime (4.3.1)
      Microsoft.NETCore.Platforms (>= 1.1.1)
      Microsoft.NETCore.Targets (>= 1.1.3)
    System.Runtime.CompilerServices.Unsafe (6.0)
    System.Runtime.Extensions (4.3.1)
      Microsoft.NETCore.Platforms (>= 1.1.1)
      Microsoft.NETCore.Targets (>= 1.1.3)
      System.Runtime (>= 4.3.1)
    System.Security.Cryptography.ProtectedData (7.0.1)
    System.Security.Permissions (7.0)
      System.Windows.Extensions (>= 7.0)
    System.Text.Encoding (4.3)
      Microsoft.NETCore.Platforms (>= 1.1)
      Microsoft.NETCore.Targets (>= 1.1)
      System.Runtime (>= 4.3)
    System.Text.Encodings.Web (7.0)
      System.Runtime.CompilerServices.Unsafe (>= 6.0)
    System.Text.Json (7.0.3)
      System.Runtime.CompilerServices.Unsafe (>= 6.0)
      System.Text.Encodings.Web (>= 7.0)
    System.Threading (4.3)
      System.Runtime (>= 4.3)
      System.Threading.Tasks (>= 4.3)
    System.Threading.Channels (7.0)
    System.Threading.Tasks (4.3)
      Microsoft.NETCore.Platforms (>= 1.1)
      Microsoft.NETCore.Targets (>= 1.1)
      System.Runtime (>= 4.3)
    System.Threading.Tasks.Dataflow (7.0)
    System.Windows.Extensions (7.0)
      System.Drawing.Common (>= 7.0)
    Weasel.Core (6.1.1)
      JasperFx.Core (>= 1.4.2)
    Weasel.Postgresql (6.1.1)
      Npgsql (>= 7.0.4)
      Weasel.Core (>= 6.1.1)
    xunit (2.5.1)
      xunit.analyzers (>= 1.3)
      xunit.assert (>= 2.5.1)
      xunit.core (2.5.1)
    xunit.abstractions (2.0.3)
    xunit.analyzers (1.3)
    xunit.assert (2.5.1)
      NETStandard.Library (>= 1.6.1)
    xunit.core (2.5.1)
      xunit.extensibility.core (2.5.1)
      xunit.extensibility.execution (2.5.1)
    xunit.extensibility.core (2.5.1)
      NETStandard.Library (>= 1.6.1)
      xunit.abstractions (>= 2.0.3)
    xunit.extensibility.execution (2.5.1)
      NETStandard.Library (>= 1.6.1)
      xunit.extensibility.core (2.5.1)
    xunit.runner.visualstudio (2.5.1)
